GEM
  remote: https://rubygems.org/
  specs:
    activesupport (5.2.4.3)
      concurrent-ruby (~> 1.0, >= 1.0.2)
      i18n (>= 0.7, < 2)
      minitest (~> 5.1)
      tzinfo (~> 1.1)
    concurrent-ruby (1.1.6)
    daemons (1.3.1)
    eventmachine (1.2.7)
    i18n (1.8.2)
      concurrent-ruby (~> 1.0)
    json (2.2.0)
    jwt (2.2.1)
    minitest (5.14.1)
    mustermann (2.0.2)
      ruby2_keywords (~> 0.0.1)
    net (0.3.3)
      activesupport
    rack (2.2.4)
    rack-protection (2.2.3)
      rack
    ruby2_keywords (0.0.5)
    sinatra (2.2.3)
      mustermann (~> 2.0)
      rack (~> 2.2)
      rack-protection (= 2.2.3)
      tilt (~> 2.0)
    thin (1.7.2)
      daemons (~> 1.0, >= 1.0.9)
      eventmachine (~> 1.0, >= 1.0.4)
      rack (>= 1, < 3)
    thread_safe (0.3.6)
    tilt (2.0.11)
    tzinfo (1.2.7)
      thread_safe (~> 0.1)

PLATFORMS
  ruby

DEPENDENCIES
  json
  jwt
  net
  sinatra
  thin

RUBY VERSION
   ruby 2.4.1p111

BUNDLED WITH
   2.0.2
